PATH
  remote: .
  specs:
    exchange_rate (0.1.0)
      nokogiri (~> 1.8)
      thor (~> 0.20)

GEM
  remote: https://rubygems.org/
  specs:
    byebug (10.0.2)
    coderay (1.1.2)
    method_source (0.9.0)
    mini_portile2 (2.3.0)
    minitest (5.11.3)
    nokogiri (1.8.3)
      mini_portile2 (~> 2.3.0)
    pry (0.11.3)
      coderay (~> 1.1.0)
      method_source (~> 0.9.0)
    pry-byebug (3.6.0)
      byebug (~> 10.0)
      pry (~> 0.10)
    rake (10.5.0)
    thor (0.20.0)

PLATFORMS
  ruby

DEPENDENCIES
  bundler (~> 1.16)
  exchange_rate!
  minitest (~> 5.0)
  pry-byebug (~> 3.4)
  rake (~> 10.0)

BUNDLED WITH
   1.16.2
